GEM
  remote: http://rubygems.org/
  specs:
    mysql2 (0.3.11)
    sequel (3.42.0)
    trollop (1.16.2)

PLATFORMS
  ruby

DEPENDENCIES
  mysql2
  sequel
  trollop
